GEM
  remote: https://rubygems.org/
  specs:
    io-console (0.5.11)
    irb (1.4.1)
      reline (>= 0.3.0)
    minitest (5.16.3)
    reline (0.3.1)
      io-console (~> 0.5)

PLATFORMS
  x86_64-linux

DEPENDENCIES
  irb
  minitest

BUNDLED WITH
   2.3.22
